PATH
  remote: .
  specs:
    string_utils (1.0.2)
      activesupport (>= 2.3.5)
      i18n

GEM
  remote: http://rubygems.org/
  specs:
    activesupport (3.0.3)
    diff-lcs (1.1.2)
    i18n (0.5.0)
    rspec (2.2.0)
      rspec-core (~> 2.2)
      rspec-expectations (~> 2.2)
      rspec-mocks (~> 2.2)
    rspec-core (2.2.1)
    rspec-expectations (2.2.0)
      diff-lcs (~> 1.1.2)
    rspec-mocks (2.2.0)

PLATFORMS
  ruby

DEPENDENCIES
  activesupport (>= 2.3.5)
  i18n
  rspec (>= 2.0.0)
  string_utils!
